GEM
  remote: https://rubygems.org/
  specs:
    backports (3.6.8)
    daemons (1.2.3)
    diff-lcs (1.2.5)
    dotenv (2.1.0)
    eventmachine (1.0.9.1)
    faker (1.6.3)
      i18n (~> 0.5)
    i18n (0.7.0)
    marky_markov (0.3.5)
      msgpack
    msgpack (0.7.4)
    multi_json (1.11.2)
    rack (1.6.4)
    rack-protection (1.5.3)
      rack
    rack-test (0.6.3)
      rack (>= 1.0)
    rspec (3.4.0)
      rspec-core (~> 3.4.0)
      rspec-expectations (~> 3.4.0)
      rspec-mocks (~> 3.4.0)
    rspec-core (3.4.3)
      rspec-support (~> 3.4.0)
    rspec-expectations (3.4.0)
      diff-lcs (>= 1.2.0, < 2.0)
      rspec-support (~> 3.4.0)
    rspec-mocks (3.4.1)
      diff-lcs (>= 1.2.0, < 2.0)
      rspec-support (~> 3.4.0)
    rspec-support (3.4.1)
    sinatra (1.4.7)
      rack (~> 1.5)
      rack-protection (~> 1.4)
      tilt (>= 1.3, < 3)
    sinatra-contrib (1.4.6)
      backports (>= 2.0)
      multi_json
      rack-protection
      rack-test
      sinatra (~> 1.4.0)
      tilt (>= 1.3, < 3)
    sinatra-cross_origin (0.3.2)
    sinatra-param (1.4.0)
      sinatra (~> 1.3)
    thin (1.6.4)
      daemons (~> 1.0, >= 1.0.9)
      eventmachine (~> 1.0, >= 1.0.4)
      rack (~> 1.0)
    tilt (2.0.2)

PLATFORMS
  ruby

DEPENDENCIES
  dotenv (~> 2.1.0)
  faker (~> 1.6.3)
  marky_markov (~> 0.3.5)
  rack-test
  rspec
  sinatra (~> 1.4.7)
  sinatra-contrib (~> 1.4.6)
  sinatra-cross_origin (~> 0.3.2)
  sinatra-param (~> 1.4.0)
  thin (~> 1.6.4)

BUNDLED WITH
   1.11.2
